GIT
  remote: https://github.com/maetl/yarrow
  revision: 62b6d21489f3adfc400218a1e59b6c1c2aa3c937
  specs:
    yarrow (0.5.1)
      activesupport (~> 5.1)
      em-websocket (~> 0.5.1)
      eventmachine (~> 1.2)
      hashie (~> 3.5)
      mementus (~> 0.8)
      rack (~> 2.0)
      rack-livereload (~> 0.3)
      sprockets (~> 3.7)

GEM
  remote: https://rubygems.org/
  specs:
    activesupport (5.2.4.4)
      concurrent-ruby (~> 1.0, >= 1.0.2)
      i18n (>= 0.7, < 2)
      minitest (~> 5.1)
      tzinfo (~> 1.1)
    concurrent-ruby (1.1.7)
    em-websocket (0.5.2)
      eventmachine (>= 0.12.9)
      http_parser.rb (~> 0.6.0)
    eventmachine (1.2.7)
    hashie (3.6.0)
    http_parser.rb (0.6.0)
    i18n (1.8.5)
      concurrent-ruby (~> 1.0)
    mementus (0.8.3)
    minitest (5.14.2)
    rack (2.2.3)
    rack-livereload (0.3.17)
      rack
    sprockets (3.7.2)
      concurrent-ruby (~> 1.0)
      rack (> 1, < 3)
    thread_safe (0.3.6)
    tzinfo (1.2.8)
      thread_safe (~> 0.1)
    yard (0.9.25)

PLATFORMS
  ruby

DEPENDENCIES
  yard
  yarrow!

BUNDLED WITH
   2.1.4
