PATH
  remote: ../../yarrow
  specs:
    yarrow (0.8.3)
      addressable (~> 2.8)
      em-websocket (~> 0.5.1)
      eventmachine (~> 1.2)
      kramdown (~> 2.4.0)
      mementus (~> 0.8)
      mustache (~> 1.1.1)
      parallel (~> 1.22.1)
      rack (~> 3.0)
      rack-livereload (~> 0.3)
      rackup (~> 0.2)
      strings-case (~> 0.3)
      strings-inflection (~> 0.1)

GEM
  remote: https://rubygems.org/
  specs:
    addressable (2.8.1)
      public_suffix (>= 2.0.2, < 6.0)
    em-websocket (0.5.3)
      eventmachine (>= 0.12.9)
      http_parser.rb (~> 0)
    eventmachine (1.2.7)
    http_parser.rb (0.8.0)
    kramdown (2.4.0)
      rexml
    kramdown-components (0.2.0)
      kramdown (~> 2.4.0)
    kramdown-parser-gfm (1.1.0)
      kramdown (~> 2.0)
    mementus (0.9.0)
    mustache (1.1.1)
    parallel (1.22.1)
    pastel (0.8.0)
      tty-color (~> 0.5)
    public_suffix (5.0.0)
    rack (3.0.0)
    rack-livereload (0.3.17)
      rack
    rackup (0.2.2)
      rack (>= 3.0.0.beta1)
      webrick
    rake (13.0.6)
    rexml (3.2.5)
    strings-case (0.3.0)
    strings-inflection (0.1.0)
    tty-color (0.6.0)
    tty-cursor (0.7.1)
    tty-prompt (0.23.1)
      pastel (~> 0.8)
      tty-reader (~> 0.8)
    tty-reader (0.9.0)
      tty-cursor (~> 0.7)
      tty-screen (~> 0.8)
      wisper (~> 2.0)
    tty-screen (0.8.1)
    webrick (1.7.0)
    wisper (2.0.1)
    yard (0.9.28)
      webrick (~> 1.7.0)

PLATFORMS
  x86_64-darwin-21

DEPENDENCIES
  kramdown-components
  kramdown-parser-gfm
  rake
  tty-prompt
  yard
  yarrow!

BUNDLED WITH
   2.3.22
